PATH
  remote: .
  specs:
    tiny_monte (1.0.0)

GEM
  remote: https://rubygems.org/
  specs:

PLATFORMS
  x86_64-darwin-21

DEPENDENCIES
  tiny_monte!

BUNDLED WITH
   2.3.14
